GEM
  remote: http://rubygems.org/
  specs:
    activesupport (3.0.0)
    awesome_print (0.2.1)
    columnize (0.3.1)
    compass (0.10.5)
      haml (>= 3.0.4)
    daemons (1.1.0)
    eventmachine (0.12.10)
    haml (3.0.18)
    hirb (0.3.3)
    i18n (0.4.1)
    json (1.4.6)
    linecache (0.43)
    mail (2.2.5)
      activesupport (>= 2.3.6)
      mime-types
      treetop (>= 1.4.5)
    mime-types (1.16)
    polyglot (0.3.1)
    pony (1.0.1)
      mail (> 2.0)
    rack (1.2.1)
    ruby-debug (0.10.3)
      columnize (>= 0.1)
      ruby-debug-base (~> 0.10.3.0)
    ruby-debug-base (0.10.3)
      linecache (>= 0.3)
    shoulda (2.11.3)
    sinatra (1.0)
      rack (>= 1.0)
    thin (1.2.7)
      daemons (>= 1.0.9)
      eventmachine (>= 0.12.6)
      rack (>= 1.0.0)
    treetop (1.4.8)
      polyglot (>= 0.3.1)

PLATFORMS
  ruby

DEPENDENCIES
  awesome_print
  compass (~> 0.10)
  haml (~> 3.0)
  hirb
  i18n
  json
  pony (~> 1.0)
  ruby-debug
  shoulda
  sinatra (~> 1.0)
  thin
